GEM
  remote: https://rubygems.org/
  specs:
    airbrussh (1.3.0)
      sshkit (>= 1.6.1, != 1.7.0)
    capistrano (3.10.1)
      airbrussh (>= 1.0.0)
      i18n
      rake (>= 10.0.0)
      sshkit (>= 1.9.0)
    capistrano-env-config (0.3.0)
      capistrano (~> 3.0)
      dotenv (~> 2.0)
    capistrano-locally (0.2.4)
      capistrano (~> 3.0)
    capistrano-nvm (0.0.7)
      capistrano (~> 3.1)
    capistrano-yarn (2.0.2)
      capistrano (~> 3.0)
    capistrano_pm2 (0.0.5)
      capistrano (~> 3.0, >= 3.0.0)
    concurrent-ruby (1.0.5)
    dotenv (2.2.1)
    i18n (1.0.0)
      concurrent-ruby (~> 1.0)
    net-scp (1.2.1)
      net-ssh (>= 2.6.5)
    net-ssh (4.2.0)
    rake (13.0.1)
    sshkit (1.16.0)
      net-scp (>= 1.1.2)
      net-ssh (>= 2.8.0)

PLATFORMS
  ruby

DEPENDENCIES
  capistrano (~> 3.10.0)
  capistrano-env-config
  capistrano-locally
  capistrano-nvm
  capistrano-yarn
  capistrano_pm2

BUNDLED WITH
   1.16.6
